PATH
  remote: .
  specs:
    clean (0.1.0)

GEM
  remote: https://rubygems.org/
  specs:
    minitest (5.16.2)
    rake (13.0.6)

PLATFORMS
  x64-mingw32

DEPENDENCIES
  clean!
  minitest (~> 5.0)
  rake (~> 13.0)

BUNDLED WITH
   2.3.5
